GEM
  remote: http://rubygems.org/
  specs:
    RedCloth (4.2.7)
    actionmailer (2.3.11)
      actionpack (= 2.3.11)
    actionpack (2.3.11)
      activesupport (= 2.3.11)
      rack (~> 1.1.0)
    activerecord (2.3.11)
      activesupport (= 2.3.11)
    activeresource (2.3.11)
      activesupport (= 2.3.11)
    activesupport (2.3.11)
    coderay (0.9.8)
    columnize (0.3.4)
    json (1.6.1)
    linecache (0.46)
      rbx-require-relative (> 0.0.4)
    pg (0.10.1)
    rack (1.1.2)
    rails (2.3.11)
      actionmailer (= 2.3.11)
      actionpack (= 2.3.11)
      activerecord (= 2.3.11)
      activeresource (= 2.3.11)
      activesupport (= 2.3.11)
      rake (>= 0.8.3)
    rake (0.9.2)
    rbx-require-relative (0.0.5)
    rdoc (3.10)
      json (~> 1.4)
    redclothcoderay (0.3.6)
      RedCloth
      coderay
    ruby-debug (0.10.4)
      columnize (>= 0.1)
      ruby-debug-base (~> 0.10.4.0)
    ruby-debug-base (0.10.4)
      linecache (>= 0.3)
    will_paginate (2.3.16)

PLATFORMS
  ruby

DEPENDENCIES
  RedCloth
  bundler (>= 0.9.14)
  coderay
  pg (= 0.10.1)
  rails (= 2.3.11)
  rake (= 0.9.2)
  rdoc
  redclothcoderay (~> 0.3.6)
  ruby-debug
  will_paginate (~> 2.3.16)
