GEM
  remote: http://rubygems.org/
  specs:
    RedCloth (4.2.7)
    actionmailer (2.3.2)
      actionpack (= 2.3.2)
    actionpack (2.3.2)
      activesupport (= 2.3.2)
    activerecord (2.3.2)
      activesupport (= 2.3.2)
    activeresource (2.3.2)
      activesupport (= 2.3.2)
    activesupport (2.3.2)
    coderay (0.9.8)
    json (1.6.1)
    pg (0.10.1)
    rails (2.3.2)
      actionmailer (= 2.3.2)
      actionpack (= 2.3.2)
      activerecord (= 2.3.2)
      activeresource (= 2.3.2)
      activesupport (= 2.3.2)
      rake (>= 0.8.3)
    rake (0.9.2)
    rdoc (3.10)
      json (~> 1.4)
    redclothcoderay (0.3.6)
      RedCloth
      coderay
    will_paginate (2.3.16)

PLATFORMS
  ruby

DEPENDENCIES
  RedCloth
  bundler (>= 0.9.14)
  coderay
  pg (= 0.10.1)
  rails (= 2.3.2)
  rake (= 0.9.2)
  rdoc
  redclothcoderay (~> 0.3.6)
  will_paginate (~> 2.3.16)
